PATH
  remote: .
  specs:
    fieldview (0.0.0)

GEM
  remote: https://rubygems.org/
  specs:
    addressable (2.5.1)
      public_suffix (~> 2.0, >= 2.0.2)
    byebug (9.0.6)
    crack (0.4.3)
      safe_yaml (~> 1.0.0)
    hashdiff (0.3.2)
    minitest (5.8.4)
    public_suffix (2.0.5)
    rake (11.3.0)
    safe_yaml (1.0.4)
    webmock (3.0.1)
      addressable (>= 2.3.6)
      crack (>= 0.3.2)
      hashdiff

PLATFORMS
  ruby

DEPENDENCIES
  byebug
  fieldview!
  minitest
  rake
  webmock

BUNDLED WITH
   1.13.2
